GIT
  remote: https://github.com/everypolitician/scraped.git
  revision: ac8af28d581e10a6346e547a8c49001193815bed
  specs:
    scraped (0.1.0)
      field_serializer (>= 0.3.0)
      nokogiri
      require_all

GIT
  remote: https://github.com/everypolitician/table_unspanner.git
  revision: a70a98a104a75b470f4ea339fdd728366a40b4d8
  specs:
    table_unspanner (0.1.0)
      nokogiri

GIT
  remote: https://github.com/openaustralia/scraperwiki-ruby.git
  revision: fc50176812505e463077d5c673d504a6a234aa78
  branch: morph_defaults
  specs:
    scraperwiki (3.0.1)
      httpclient
      sqlite_magic

GEM
  remote: https://rubygems.org/
  specs:
    ast (2.3.0)
    coderay (1.1.0)
    field_serializer (0.3.0)
    httpclient (2.6.0.1)
    method_source (0.8.2)
    mini_portile2 (2.1.0)
    nokogiri (1.6.8.1)
      mini_portile2 (~> 2.1.0)
    open-uri-cached (0.0.5)
    parser (2.3.3.1)
      ast (~> 2.2)
    powerpack (0.1.1)
    pry (0.10.1)
      coderay (~> 1.1.0)
      method_source (~> 0.8.1)
      slop (~> 3.4)
    rainbow (2.1.0)
    rake (12.0.0)
    require_all (1.3.3)
    rubocop (0.46.0)
      parser (>= 2.3.1.1, < 3.0)
      powerpack (~> 0.1)
      rainbow (>= 1.99.1, < 3.0)
      ruby-progressbar (~> 1.7)
      unicode-display_width (~> 1.0, >= 1.0.1)
    ruby-progressbar (1.8.1)
    slop (3.6.0)
    sqlite3 (1.3.10)
    sqlite_magic (0.0.3)
      sqlite3
    unicode-display_width (1.1.2)

PLATFORMS
  ruby

DEPENDENCIES
  nokogiri
  open-uri-cached
  pry
  rake
  require_all
  rubocop
  scraped!
  scraperwiki!
  table_unspanner!

RUBY VERSION
   ruby 2.3.3p222

BUNDLED WITH
   1.13.6
